GEM
  remote: https://rubygems.org/
  specs:
    rack (1.5.1)
    vienna (0.4.0)
      rack (~> 1.5)

PLATFORMS
  ruby

DEPENDENCIES
  rack
  vienna
