GEM
  remote: https://rubygems.org/
  specs:
    rack (1.5.1)

PLATFORMS
  ruby

DEPENDENCIES
  rack
