GEM
  remote: https://rubygems.org/
  specs:
    puma (2.16.0)
    rack (1.6.11)

PLATFORMS
  ruby

DEPENDENCIES
  puma (~> 2.16)
  rack (~> 1.6)

BUNDLED WITH
   1.11.2
