GEM
  remote: https://rubygems.org/
  specs:
    puma (3.12.3)
    rack (1.6.4)

PLATFORMS
  ruby

DEPENDENCIES
  puma (~> 3.12)
  rack (~> 1.6, >= 1.6.4)

BUNDLED WITH
   1.11.2
