GEM
  remote: https://rubygems.org/
  specs:
    puma (2.16.0)
    rack (2.1.4)

PLATFORMS
  ruby

DEPENDENCIES
  puma (~> 2.16)
  rack (~> 2.1)

BUNDLED WITH
   1.11.2
