GEM
  remote: https://rubygems.org/
  specs:
    rack-rewrite (1.4.01)

PLATFORMS
  ruby

DEPENDENCIES
  rack-rewrite
