GEM
  remote: https://rubygems.org/
  specs:
    rack (1.6.4)

PLATFORMS
  ruby

DEPENDENCIES
  rack (~> 1.6, >= 1.6.4)

BUNDLED WITH
   1.11.2
