GEM
  remote: https://rubygems.org/
  specs:
    nio4r (2.3.1)
    puma (4.3.12)
      nio4r (~> 2.0)
    rack (1.6.4)

PLATFORMS
  ruby

DEPENDENCIES
  puma (~> 4.3)
  rack (~> 1.6, >= 1.6.4)

BUNDLED WITH
   1.11.2
